GEM
  remote: http://rubygems.org/
  specs:
    curb (0.7.16)
    diff-lcs (1.1.3)
    git (1.2.5)
    jeweler (1.6.4)
      bundler (~> 1.0)
      git (>= 1.2.5)
      rake
    multi_json (1.0.4)
    nokogiri (1.5.0)
    rake (0.9.2.2)
    rspec (2.7.0)
      rspec-core (~> 2.7.0)
      rspec-expectations (~> 2.7.0)
      rspec-mocks (~> 2.7.0)
    rspec-core (2.7.1)
    rspec-expectations (2.7.0)
      diff-lcs (~> 1.1.2)
    rspec-mocks (2.7.0)
    simplecov (0.5.4)
      multi_json (~> 1.0.3)
      simplecov-html (~> 0.5.3)
    simplecov-gem-adapter (1.0.1)
      simplecov
    simplecov-html (0.5.3)

PLATFORMS
  ruby

DEPENDENCIES
  bundler
  curb
  jeweler
  nokogiri
  rspec
  simplecov
  simplecov-gem-adapter
